GEM
  remote: https://rubygems.org/
  specs:
    aws-sdk (2.5.6)
      aws-sdk-resources (= 2.5.6)
    aws-sdk-core (2.5.6)
      jmespath (~> 1.0)
    aws-sdk-resources (2.5.6)
      aws-sdk-core (= 2.5.6)
    jmespath (1.3.1)
    rake (11.2.2)

PLATFORMS
  ruby

DEPENDENCIES
  aws-sdk (~> 2.5, >= 2.5.5)
  rake

BUNDLED WITH
   1.10.4
